GEM
  remote: https://rubygems.org/
  specs:
    diff-lcs (1.2.5)
    rspec-core (3.4.4)
      rspec-support (~> 3.4.0)
    rspec-expectations (3.4.0)
      diff-lcs (>= 1.2.0, < 2.0)
      rspec-support (~> 3.4.0)
    rspec-support (3.4.1)
    vimrunner (0.3.2)

PLATFORMS
  ruby

DEPENDENCIES
  rspec-core (~> 3.4)
  rspec-expectations (~> 3.4)
  vimrunner (~> 0.3)

BUNDLED WITH
   1.12.5
